GEM
  remote: https://rubygems.org/
  specs:
    async (1.24.2)
      console (~> 1.0)
      nio4r (~> 2.3)
      timers (~> 4.1)
    async-container (0.16.4)
      async (~> 1.0)
      async-io (~> 1.26)
      process-group
    async-http (0.51.2)
      async (~> 1.23)
      async-io (~> 1.28)
      async-pool (~> 0.2)
      protocol-http (~> 0.18.0)
      protocol-http1 (~> 0.12.0)
      protocol-http2 (~> 0.13.0)
    async-http-cache (0.2.0)
      async-http (~> 0.51)
    async-io (1.28.0)
      async (~> 1.14)
    async-pool (0.2.0)
      async (~> 1.8)
    build-environment (1.13.0)
    console (1.8.2)
    falcon (0.36.0)
      async (~> 1.13)
      async-container (~> 0.16.0)
      async-http (~> 0.51.0)
      async-http-cache (~> 0.2.0)
      async-io (~> 1.22)
      build-environment (~> 1.13)
      localhost (~> 1.1)
      process-metrics (~> 0.1.0)
      rack (>= 1.0)
      samovar (~> 2.1)
    ffi (1.12.2)
    localhost (1.1.6)
    mapping (1.1.1)
    nio4r (2.5.2)
    process-group (1.2.1)
      process-terminal (~> 0.2.0)
    process-metrics (0.1.1)
    process-terminal (0.2.0)
      ffi
    protocol-hpack (1.4.2)
    protocol-http (0.18.0)
    protocol-http1 (0.12.0)
      protocol-http (~> 0.18)
    protocol-http2 (0.13.3)
      protocol-hpack (~> 1.4)
      protocol-http (~> 0.18)
    rack (3.0.7)
    samovar (2.1.4)
      console (~> 1.0)
      mapping (~> 1.0)
    timers (4.3.0)

PLATFORMS
  ruby

DEPENDENCIES
  falcon

BUNDLED WITH
   2.1.4
